GIT
  remote: git://github.com/RoryO/ruby-net-ldap.git
  revision: 74e994eed11a011cb73311e164a65a7dd7a62c01
  ref: 74e994eed11a011cb73311e164a65a7dd7a62c01
  specs:
    net-ldap (0.1.2)

GIT
  remote: git://github.com/rails/exception_notification.git
  revision: 192a49a02d63d28b23ed41cebadfedd490929cf1
  specs:
    exception_notification (1.0.0)

GEM
  remote: http://rubygems.org/
  specs:
    abstract (1.0.0)
    actionmailer (3.0.13)
      actionpack (= 3.0.13)
      mail (~> 2.2.19)
    actionpack (3.0.13)
      activemodel (= 3.0.13)
      activesupport (= 3.0.13)
      builder (~> 2.1.2)
      erubis (~> 2.6.6)
      i18n (~> 0.5.0)
      rack (~> 1.2.5)
      rack-mount (~> 0.6.14)
      rack-test (~> 0.5.7)
      tzinfo (~> 0.3.23)
    activemodel (3.0.13)
      activesupport (= 3.0.13)
      builder (~> 2.1.2)
      i18n (~> 0.5.0)
    activerecord (3.0.13)
      activemodel (= 3.0.13)
      activesupport (= 3.0.13)
      arel (~> 2.0.10)
      tzinfo (~> 0.3.23)
    activeresource (3.0.13)
      activemodel (= 3.0.13)
      activesupport (= 3.0.13)
    activesupport (3.0.13)
    addressable (2.2.7)
    arel (2.0.10)
    builder (2.1.2)
    columnize (0.3.6)
    erubis (2.6.6)
      abstract (>= 1.0.0)
    httpclient (2.2.5)
    i18n (0.5.0)
    json (1.6.5)
    kgio (2.0.0)
    linecache (0.46)
      rbx-require-relative (> 0.0.4)
    mail (2.2.19)
      activesupport (>= 2.3.6)
      i18n (>= 0.4.0)
      mime-types (~> 1.16)
      treetop (~> 1.4.8)
    mime-types (1.17.2)
    mrt-ingest (0.0.2)
      json (>= 1.5.0)
      rest-client (>= 1.6.0)
    nokogiri (1.5.0)
    orchard (0.2)
    polyglot (0.3.3)
    rack (1.2.5)
    rack-cache (1.1)
      rack (>= 0.4)
    rack-mount (0.6.14)
      rack (>= 1.0.0)
    rack-test (0.5.7)
      rack (>= 1.0)
    rails (3.0.13)
      actionmailer (= 3.0.13)
      actionpack (= 3.0.13)
      activerecord (= 3.0.13)
      activeresource (= 3.0.13)
      activesupport (= 3.0.13)
      bundler (~> 1.0)
      railties (= 3.0.13)
    railties (3.0.13)
      actionpack (= 3.0.13)
      activesupport (= 3.0.13)
      rake (>= 0.8.7)
      rdoc (~> 3.4)
      thor (~> 0.14.4)
    rake (0.9.2.2)
    rbx-require-relative (0.0.9)
    rdf (0.3.5)
      addressable (>= 2.2.6)
    rdoc (3.12)
      json (~> 1.4)
    rest-client (1.6.7)
      mime-types (>= 1.16)
    ruby-debug (0.10.4)
      columnize (>= 0.1)
      ruby-debug-base (~> 0.10.4.0)
    ruby-debug-base (0.10.4)
      linecache (>= 0.3)
    thor (0.14.6)
    treetop (1.4.10)
      polyglot
      polyglot (>= 0.3.1)
    tzinfo (0.3.33)
    unicode (0.4.2)
    unicorn (3.1.0)
      kgio (~> 2.0.0)
      rack
    uuidtools (2.1.3)
    will_paginate (3.0.pre2)

PLATFORMS
  ruby

DEPENDENCIES
  builder
  exception_notification!
  httpclient (~> 2.2.5)
  json (> 1.5.0)
  mrt-ingest (= 0.0.2)
  net-ldap (= 0.1.2)!
  nokogiri
  orchard
  rack-cache
  rails (= 3.0.13)
  rdf
  rest-client
  ruby-debug
  unicode
  unicorn (= 3.1.0)
  uuidtools
  will_paginate (= 3.0.pre2)
